GEM
  remote: http://rubygems.org/
  specs:
    json (1.5.3)
    json-schema (0.9.8)
    minitest (2.3.1)

PLATFORMS
  ruby

DEPENDENCIES
  json
  json-schema
  minitest
